GEM
  remote: https://rubygems.org/
  specs:
    ddtrace (0.52.0)
      ffi (~> 1.0)
      msgpack
    diff-lcs (1.4.4)
    ffi (1.15.4)
    msgpack (1.4.2)
    rake (13.0.6)
    rspec (3.10.0)
      rspec-core (~> 3.10.0)
      rspec-expectations (~> 3.10.0)
      rspec-mocks (~> 3.10.0)
    rspec-core (3.10.1)
      rspec-support (~> 3.10.0)
    rspec-expectations (3.10.1)
      diff-lcs (>= 1.2.0, < 2.0)
      rspec-support (~> 3.10.0)
    rspec-mocks (3.10.2)
      diff-lcs (>= 1.2.0, < 2.0)
      rspec-support (~> 3.10.0)
    rspec-support (3.10.2)

PLATFORMS
  universal-darwin-20

DEPENDENCIES
  ddtrace (>= 0.51.0)
  rake (>= 0.9.2)
  rspec (~> 3.6)

BUNDLED WITH
   2.2.27
